GEM
  remote: https://rubygems.org/
  specs:
    adsf (1.1.1)
      rack (>= 1.0.0)
    colored (1.2)
    cri (2.3.0)
      colored (>= 1.2)
    nanoc (3.5.0)
      cri (~> 2.2)
    nokogiri (1.5.6)
    rack (1.5.2)
    redcarpet (2.2.2)

PLATFORMS
  ruby

DEPENDENCIES
  adsf
  nanoc
  nokogiri
  redcarpet
